GEM
  remote: https://rubygems.org/
  specs:
    daemons (1.1.9)
    dalli (2.7.2)
    eventmachine (1.0.3)
    rack (1.5.2)
    rack-protection (1.5.2)
      rack
    sinatra (1.4.5)
      rack (~> 1.4)
      rack-protection (~> 1.4)
      tilt (~> 1.3, >= 1.3.4)
    thin (1.2.4)
      daemons (>= 1.0.9)
      eventmachine (>= 0.12.6)
      rack (>= 1.0.0)
    tilt (1.4.1)

PLATFORMS
  ruby

DEPENDENCIES
  dalli
  sinatra
  thin
